GEM
  remote: https://rubygems.org/
  specs:
    coderay (1.1.1)
    diff-lcs (1.3)
    method_source (0.8.2)
    pry (0.10.4)
      coderay (~> 1.1.0)
      method_source (~> 0.8.1)
      slop (~> 3.4)
    spec (3.6.0)
      spec-core (~> 3.6.0)
      spec-expectations (~> 3.6.0)
      spec-mocks (~> 3.6.0)
    spec-core (3.6.0)
      spec-support (~> 3.6.0)
    spec-expectations (3.6.0)
      diff-lcs (>= 1.2.0, < 2.0)
      spec-support (~> 3.6.0)
    spec-mocks (3.6.0)
      diff-lcs (>= 1.2.0, < 2.0)
      spec-support (~> 3.6.0)
    spec-support (3.6.0)
    slop (3.6.0)

PLATFORMS
  ruby

DEPENDENCIES
  pry
  rspec

BUNDLED WITH
   1.13.7
